GEM
  remote: http://rubygems.org/
  specs:
    bio (1.4.1)
    bio-logger (1.0.0)
      log4r (>= 1.1.9)
    diff-lcs (1.1.2)
    git (1.2.5)
    jeweler (1.5.2)
      bundler (~> 1.0.0)
      git (>= 1.2.5)
      rake
    log4r (1.1.9)
    rake (0.9.2)
    rcov (0.9.9)
    rspec (2.6.0)
      rspec-core (~> 2.6.0)
      rspec-expectations (~> 2.6.0)
      rspec-mocks (~> 2.6.0)
    rspec-core (2.6.4)
    rspec-expectations (2.6.0)
      diff-lcs (~> 1.1.2)
    rspec-mocks (2.6.0)
    shoulda (2.11.3)

PLATFORMS
  ruby

DEPENDENCIES
  bio (>= 1.3.1)
  bio-logger (> 0.8.0)
  bundler (~> 1.0.0)
  jeweler (~> 1.5.2)
  log4r (> 1.1.6)
  rake (>= 0.9.2)
  rcov
  rspec (>= 2.3.0)
  shoulda
